GEM
  remote: http://rubygems.org/
  specs:
    BlueCloth (1.0.1)
    albino (1.3.3)
      posix-spawn (>= 0.3.6)
    json (1.5.4)
    liquid (2.3.0)
    maruku (0.6.0)
      syntax (>= 1.0.0)
    mustache (0.99.4)
    nokogiri (1.5.2)
    oyster (0.9.5)
    pdoc (0.2.0)
      BlueCloth (> 0.0.0)
      oyster (> 0.0.0)
      treetop (> 0.0.0)
    polyglot (0.3.3)
    posix-spawn (0.3.6)
    rack (1.4.1)
    rake (0.9.2.2)
    sinatra (1.1.4)
      rack (~> 1.1)
      tilt (>= 1.2.2, < 2.0)
    syntax (1.0.0)
    tilt (1.3.3)
    treetop (1.4.10)
      polyglot
      polyglot (>= 0.3.1)

PLATFORMS
  ruby

DEPENDENCIES
  albino (~> 1.3.3)
  bundler (~> 1.1.0)
  json (~> 1.5.0)
  liquid
  maruku
  mustache (~> 0.99.3)
  nokogiri
  pdoc (~> 0.2.0)
  rake
  sinatra (~> 1.1.0)
